GEM
  remote: http://rubygems.org/
  specs:
    bson (1.8.4)
    bson_ext (1.8.4)
      bson (~> 1.8.4)
    diff-lcs (1.2.2)
    grit (2.5.0)
      diff-lcs (~> 1.1)
      mime-types (~> 1.15)
      posix-spawn (~> 0.3.6)
    mime-types (1.22)
    mongo (1.8.4)
      bson (~> 1.8.4)
    posix-spawn (0.3.6)
    rack (1.5.2)
    rack-protection (1.5.0)
      rack
    sinatra (1.4.2)
      rack (~> 1.5, >= 1.5.2)
      rack-protection (~> 1.4)
      tilt (~> 1.3, >= 1.3.4)
    slim (1.3.6)
      temple (~> 0.5.5)
      tilt (~> 1.3.3)
    temple (0.5.5)
    tilt (1.3.6)

PLATFORMS
  ruby

DEPENDENCIES
  bson_ext
  grit
  mongo
  sinatra
  slim
